PATH
  remote: .
  specs:
    http-signature (0.0.2)

GEM
  remote: https://rubygems.org/
  specs:
    minitest (5.10.3)
    rake (12.2.1)

PLATFORMS
  ruby

DEPENDENCIES
  bundler
  http-signature!
  minitest
  rake

BUNDLED WITH
   1.16.0
