PATH
  remote: .
  specs:
    http_signature (0.0.3)

GEM
  remote: https://rubygems.org/
  specs:
    minitest (5.10.3)
    rake (12.2.1)

PLATFORMS
  ruby

DEPENDENCIES
  bundler
  http_signature!
  minitest
  rake

BUNDLED WITH
   1.16.1
