PATH
  remote: .
  specs:
    http_signature (0.0.7)

GEM
  remote: https://rubygems.org/
  specs:
    faraday (0.15.0)
      multipart-post (>= 1.2, < 3)
    minitest (5.10.3)
    multipart-post (2.0.0)
    rake (12.2.1)

PLATFORMS
  ruby

DEPENDENCIES
  bundler
  faraday
  http_signature!
  minitest
  rake

BUNDLED WITH
   1.16.1
